GIT
  remote: git://github.com/collectiveidea/awesomeness.git
  revision: 35e0249c09618ddf965ace9ec6b64f134e9ca4dd
  specs:
    awesomeness (0.0.1)

GIT
  remote: git://github.com/collectiveidea/google_analytics.git
  revision: d32d8699928f7311d65964745e32b17054dbdf0d
  specs:
    google_analytics (1.1.4)
      actionpack
      activesupport

GIT
  remote: git://github.com/rails/exception_notification.git
  revision: f9865f54b415e4f87e582f6256a811d5c5f54d7b
  branch: 2-3-stable
  specs:
    exception_notification (2.3.3.0)

GEM
  remote: http://rubygems.org/
  specs:
    actionmailer (2.3.9)
      actionpack (= 2.3.9)
    actionpack (2.3.9)
      activesupport (= 2.3.9)
      rack (~> 1.1.0)
    activerecord (2.3.9)
      activesupport (= 2.3.9)
    activeresource (2.3.9)
      activesupport (= 2.3.9)
    activesupport (2.3.9)
    acts_as_audited (1.1.0)
      activerecord (>= 2.1)
    acts_as_geocodable (1.0.4)
      graticule (>= 1.0.0.pre2)
    configuration (1.2.0)
    graticule (1.0.0.pre2)
      activesupport (= 2.3.9)
      happymapper (>= 0.3.0)
    happymapper (0.3.2)
      libxml-ruby (~> 1.1.3)
    heroku (1.9.8)
      json_pure (>= 1.2.0, < 1.5.0)
      launchy (~> 0.3.2)
      rest-client (~> 1.4.0)
    json_pure (1.4.6)
    launchy (0.3.7)
      configuration (>= 0.0.5)
      rake (>= 0.8.1)
    libxml-ruby (1.1.4)
    mime-types (1.16)
    pg (0.10.0)
    rack (1.1.0)
    rails (2.3.9)
      actionmailer (= 2.3.9)
      actionpack (= 2.3.9)
      activerecord (= 2.3.9)
      activeresource (= 2.3.9)
      activesupport (= 2.3.9)
      rake (>= 0.8.3)
    rake (0.8.7)
    rest-client (1.4.2)
      mime-types (>= 1.16)
    rspec (1.3.0)
    rspec-rails (1.3.2)
      rack (>= 1.0.0)
      rspec (>= 1.3.0)

PLATFORMS
  ruby

DEPENDENCIES
  acts_as_audited
  acts_as_geocodable (= 1.0.4)
  awesomeness (= 0.0.1)!
  exception_notification!
  google_analytics!
  graticule (= 1.0.0.pre2)
  heroku
  pg
  rails (= 2.3.9)
  rspec (~> 1.3.0)
  rspec-rails (~> 1.3.0)
