GEM
  remote: http://rubygems.org/
  specs:
    actionmailer (2.3.9)
      actionpack (= 2.3.9)
    actionpack (2.3.9)
      activesupport (= 2.3.9)
      rack (~> 1.1.0)
    activerecord (2.3.9)
      activesupport (= 2.3.9)
    activeresource (2.3.9)
      activesupport (= 2.3.9)
    activesupport (2.3.9)
    acts_as_audited (1.1.0)
      activerecord (>= 2.1)
    acts_as_geocodable (2.0.1)
      graticule (>= 2.0.0)
    diff-lcs (1.1.2)
    graticule (2.0.0)
      activesupport
      happymapper (>= 0.3.0)
      i18n
    happymapper (0.3.2)
      libxml-ruby (~> 1.1.3)
    i18n (0.5.0)
    libxml-ruby (1.1.4)
    rack (1.1.0)
    rails (2.3.9)
      actionmailer (= 2.3.9)
      actionpack (= 2.3.9)
      activerecord (= 2.3.9)
      activeresource (= 2.3.9)
      activesupport (= 2.3.9)
      rake (>= 0.8.3)
    rake (0.8.7)
    rspec (2.2.0)
      rspec-core (~> 2.2)
      rspec-expectations (~> 2.2)
      rspec-mocks (~> 2.2)
    rspec-core (2.2.1)
    rspec-expectations (2.2.0)
      diff-lcs (~> 1.1.2)
    rspec-mocks (2.2.0)
    rspec-rails (1.3.2)
      rack (>= 1.0.0)
      rspec (>= 1.3.0)
    sqlite3-ruby (1.2.5)

PLATFORMS
  ruby

DEPENDENCIES
  acts_as_audited
  acts_as_geocodable
  graticule
  rails (= 2.3.9)
  rspec-rails (= 1.3.2)
  sqlite3-ruby (= 1.2.5)
